GEM
  remote: https://rubygems.org/
  specs:
    ansi (1.4.3)
    backports (3.4.0)
    builder (3.2.2)
    haml (4.0.5)
      tilt
    hashie (2.0.5)
    metaclass (0.0.2)
    minitest (5.2.2)
    minitest-reporters (1.0.0)
      ansi
      builder
      minitest (>= 5.0)
      powerbar
    mocha (1.0.0)
      metaclass (~> 0.0.1)
    multi_json (1.8.4)
    powerbar (1.0.11)
      ansi (~> 1.4.0)
      hashie (>= 1.1.0)
    rack (1.5.2)
    rack-protection (1.5.2)
      rack
    rack-test (0.6.2)
      rack (>= 1.0)
    sinatra (1.4.4)
      rack (~> 1.4)
      rack-protection (~> 1.4)
      tilt (~> 1.3, >= 1.3.4)
    sinatra-contrib (1.4.2)
      backports (>= 2.0)
      multi_json
      rack-protection
      rack-test
      sinatra (~> 1.4.0)
      tilt (~> 1.3)
    terminal-notifier (1.5.1)
    tilt (1.4.1)

PLATFORMS
  ruby

DEPENDENCIES
  haml
  minitest
  minitest-reporters
  mocha
  sinatra
  sinatra-contrib
  terminal-notifier
